GIT
  remote: https://github.com/nanamkim/custom-err-msg.git
  revision: d72fb180d9dfd19f18622c978747dcc0aa5374e0
  specs:
    custom_error_message (1.2.1)

GEM
  remote: https://rubygems.org/
  specs:
    actioncable (5.2.0)
      actionpack (= 5.2.0)
      nio4r (~> 2.0)
      websocket-driver (>= 0.6.1)
    actionmailer (5.2.0)
      actionpack (= 5.2.0)
      actionview (= 5.2.0)
      activejob (= 5.2.0)
      mail (~> 2.5, >= 2.5.4)
      rails-dom-testing (~> 2.0)
    actionpack (5.2.0)
      actionview (= 5.2.0)
      activesupport (= 5.2.0)
      rack (~> 2.0)
      rack-test (>= 0.6.3)
      rails-dom-testing (~> 2.0)
      rails-html-sanitizer (~> 1.0, >= 1.0.2)
    actionview (5.2.0)
      activesupport (= 5.2.0)
      builder (~> 3.1)
      erubi (~> 1.4)
      rails-dom-testing (~> 2.0)
      rails-html-sanitizer (~> 1.0, >= 1.0.3)
    activeadmin (2.9.0)
      arbre (~> 1.2, >= 1.2.1)
      formtastic (>= 3.1, < 5.0)
      formtastic_i18n (~> 0.4)
      inherited_resources (~> 1.7)
      jquery-rails (~> 4.2)
      kaminari (~> 1.0, >= 1.2.1)
      railties (>= 5.2, < 6.2)
      ransack (~> 2.1, >= 2.1.1)
    activejob (5.2.0)
      activesupport (= 5.2.0)
      globalid (>= 0.3.6)
    activemodel (5.2.0)
      activesupport (= 5.2.0)
    activerecord (5.2.0)
      activemodel (= 5.2.0)
      activesupport (= 5.2.0)
      arel (>= 9.0)
    activestorage (5.2.0)
      actionpack (= 5.2.0)
      activerecord (= 5.2.0)
      marcel (~> 0.3.1)
    activesupport (5.2.0)
      concurrent-ruby (~> 1.0, >= 1.0.2)
      i18n (>= 0.7, < 2)
      minitest (~> 5.1)
      tzinfo (~> 1.1)
    acts_as_votable (0.12.1)
    addressable (2.8.0)
      public_suffix (>= 2.0.2, < 5.0)
    arbre (1.4.0)
      activesupport (>= 3.0.0, < 6.2)
      ruby2_keywords (>= 0.0.2, < 1.0)
    arel (9.0.0)
    autoprefixer-rails (10.3.3.0)
      execjs (~> 2)
    aws_cf_signer (0.1.3)
    bcrypt (3.1.16)
    bindex (0.8.1)
    bookmark_system (0.1.1)
      rails (>= 5.0, < 6.0)
    bootsnap (1.9.1)
      msgpack (~> 1.0)
    builder (3.2.4)
    byebug (11.1.3)
    carrierwave (1.3.2)
      activemodel (>= 4.0.0)
      activesupport (>= 4.0.0)
      mime-types (>= 1.16)
      ssrf_filter (~> 1.0)
    cloudinary (1.9.1)
      aws_cf_signer
      rest-client
    coderay (1.1.3)
    coffee-rails (5.0.0)
      coffee-script (>= 2.2.0)
      railties (>= 5.2.0)
    coffee-script (2.4.1)
      coffee-script-source
      execjs
    coffee-script-source (1.12.2)
    concurrent-ruby (1.1.9)
    crass (1.0.6)
    devise (4.8.0)
      bcrypt (~> 3.0)
      orm_adapter (~> 0.1)
      railties (>= 4.1.0)
      responders
      warden (~> 1.2.3)
    domain_name (0.5.20190701)
      unf (>= 0.0.5, < 1.0.0)
    dotenv (2.7.6)
    dotenv-rails (2.7.6)
      dotenv (= 2.7.6)
      railties (>= 3.2)
    erubi (1.10.0)
    execjs (2.8.1)
    faraday (1.8.0)
      faraday-em_http (~> 1.0)
      faraday-em_synchrony (~> 1.0)
      faraday-excon (~> 1.1)
      faraday-httpclient (~> 1.0.1)
      faraday-net_http (~> 1.0)
      faraday-net_http_persistent (~> 1.1)
      faraday-patron (~> 1.0)
      faraday-rack (~> 1.0)
      multipart-post (>= 1.2, < 3)
      ruby2_keywords (>= 0.0.4)
    faraday-em_http (1.0.0)
    faraday-em_synchrony (1.0.0)
    faraday-excon (1.1.0)
    faraday-httpclient (1.0.1)
    faraday-net_http (1.0.1)
    faraday-net_http_persistent (1.2.0)
    faraday-patron (1.0.0)
    faraday-rack (1.0.0)
    ffi (1.15.4)
    figaro (1.2.0)
      thor (>= 0.14.0, < 2)
    font-awesome-sass (5.6.1)
      sassc (>= 1.11)
    formtastic (4.0.0)
      actionpack (>= 5.2.0)
    formtastic_i18n (0.7.0)
    globalid (0.5.2)
      activesupport (>= 5.0)
    has_scope (0.8.0)
      actionpack (>= 5.2)
      activesupport (>= 5.2)
    hashie (5.0.0)
    http-accept (1.7.0)
    http-cookie (1.0.4)
      domain_name (~> 0.5)
    i18n (1.8.11)
      concurrent-ruby (~> 1.0)
    inherited_resources (1.13.0)
      actionpack (>= 5.2, < 6.2)
      has_scope (~> 0.6)
      railties (>= 5.2, < 6.2)
      responders (>= 2, < 4)
    inline_svg (1.7.2)
      activesupport (>= 3.0)
      nokogiri (>= 1.6)
    invoice_printer (2.2.0)
      json (~> 2.1)
      prawn (~> 2.2)
      prawn-table (~> 0.2.2)
    jbuilder (2.11.3)
      activesupport (>= 5.0.0)
    jquery-rails (4.4.0)
      rails-dom-testing (>= 1, < 3)
      railties (>= 4.2.0)
      thor (>= 0.14, < 2.0)
    json (2.6.1)
    jwt (2.3.0)
    kaminari (1.2.1)
      activesupport (>= 4.1.0)
      kaminari-actionview (= 1.2.1)
      kaminari-activerecord (= 1.2.1)
      kaminari-core (= 1.2.1)
    kaminari-actionview (1.2.1)
      actionview
      kaminari-core (= 1.2.1)
    kaminari-activerecord (1.2.1)
      activerecord
      kaminari-core (= 1.2.1)
    kaminari-core (1.2.1)
    launchy (2.5.0)
      addressable (~> 2.7)
    letter_opener (1.7.0)
      launchy (~> 2.2)
    listen (3.0.8)
      rb-fsevent (~> 0.9, >= 0.9.4)
      rb-inotify (~> 0.9, >= 0.9.7)
    loofah (2.19.1)
      crass (~> 1.0.2)
      nokogiri (>= 1.5.9)
    mail (2.7.1)
      mini_mime (>= 0.1.1)
    marcel (0.3.3)
      mimemagic (~> 0.3.2)
    method_source (1.0.0)
    mime-types (3.4.0)
      mime-types-data (~> 3.2015)
    mime-types-data (3.2021.1115)
    mimemagic (0.3.10)
      nokogiri (~> 1)
      rake
    mini_mime (1.1.2)
    mini_portile2 (2.8.0)
    minitest (5.14.4)
    monetize (1.11.0)
      money (~> 6.12)
    money (6.16.0)
      i18n (>= 0.6.4, <= 2)
    money-rails (1.15.0)
      activesupport (>= 3.0)
      monetize (~> 1.9)
      money (~> 6.13)
      railties (>= 3.0)
    msgpack (1.4.2)
    multi_json (1.15.0)
    multi_xml (0.6.0)
    multipart-post (2.1.1)
    netrc (0.11.0)
    nio4r (2.5.8)
    nokogiri (1.13.10)
      mini_portile2 (~> 2.8.0)
      racc (~> 1.4)
    oauth2 (1.4.7)
      faraday (>= 0.8, < 2.0)
      jwt (>= 1.0, < 3.0)
      multi_json (~> 1.3)
      multi_xml (~> 0.5)
      rack (>= 1.2, < 3)
    omniauth (2.0.4)
      hashie (>= 3.4.6)
      rack (>= 1.6.2, < 3)
      rack-protection
    omniauth-facebook (9.0.0)
      omniauth-oauth2 (~> 1.2)
    omniauth-oauth2 (1.7.2)
      oauth2 (~> 1.4)
      omniauth (>= 1.9, < 3)
    orm_adapter (0.5.0)
    pdf-core (0.9.0)
    pg (0.21.0)
    pg_search (2.3.5)
      activerecord (>= 5.2)
      activesupport (>= 5.2)
    polyamorous (2.3.0)
      activerecord (>= 5.0)
    prawn (2.4.0)
      pdf-core (~> 0.9.0)
      ttfunk (~> 1.7)
    prawn-table (0.2.2)
      prawn (>= 1.3.0, < 3.0.0)
    pry (0.13.1)
      coderay (~> 1.1)
      method_source (~> 1.0)
    pry-byebug (3.9.0)
      byebug (~> 11.0)
      pry (~> 0.13.0)
    pry-rails (0.3.9)
      pry (>= 0.10.4)
    public_suffix (4.0.6)
    puma (5.5.2)
      nio4r (~> 2.0)
    racc (1.6.1)
    rack (2.2.3)
    rack-protection (2.1.0)
      rack
    rack-proxy (0.7.0)
      rack
    rack-test (1.1.0)
      rack (>= 1.0, < 3)
    rails (5.2.0)
      actioncable (= 5.2.0)
      actionmailer (= 5.2.0)
      actionpack (= 5.2.0)
      actionview (= 5.2.0)
      activejob (= 5.2.0)
      activemodel (= 5.2.0)
      activerecord (= 5.2.0)
      activestorage (= 5.2.0)
      activesupport (= 5.2.0)
      bundler (>= 1.3.0)
      railties (= 5.2.0)
      sprockets-rails (>= 2.0.0)
    rails-dom-testing (2.0.3)
      activesupport (>= 4.2.0)
      nokogiri (>= 1.6)
    rails-html-sanitizer (1.4.2)
      loofah (~> 2.3)
    railties (5.2.0)
      actionpack (= 5.2.0)
      activesupport (= 5.2.0)
      method_source
      rake (>= 0.8.7)
      thor (>= 0.18.1, < 2.0)
    rake (13.0.6)
    ransack (2.3.0)
      actionpack (>= 5.0)
      activerecord (>= 5.0)
      activesupport (>= 5.0)
      i18n
      polyamorous (= 2.3.0)
    rb-fsevent (0.11.0)
    rb-inotify (0.10.1)
      ffi (~> 1.0)
    redis (4.5.1)
    responders (3.0.1)
      actionpack (>= 5.0)
      railties (>= 5.0)
    rest-client (2.1.0)
      http-accept (>= 1.7.0, < 2.0)
      http-cookie (>= 1.0.2, < 2.0)
      mime-types (>= 1.16, < 4.0)
      netrc (~> 0.8)
    ruby2_keywords (0.0.5)
    sassc (2.4.0)
      ffi (~> 1.9)
    sassc-rails (2.1.2)
      railties (>= 4.0.0)
      sassc (>= 2.0)
      sprockets (> 3.0)
      sprockets-rails
      tilt
    semantic_range (3.0.0)
    simple_form (5.1.0)
      actionpack (>= 5.2)
      activemodel (>= 5.2)
    social-share-button (1.2.4)
      coffee-rails
    spring (2.1.1)
    spring-watcher-listen (2.0.1)
      listen (>= 2.7, < 4.0)
      spring (>= 1.2, < 3.0)
    sprockets (4.0.2)
      concurrent-ruby (~> 1.0)
      rack (> 1, < 3)
    sprockets-rails (3.4.0)
      actionpack (>= 5.2)
      activesupport (>= 5.2)
      sprockets (>= 3.0.0)
    ssrf_filter (1.0.7)
    stripe (5.40.0)
    stripe_event (2.3.1)
      activesupport (>= 3.1)
      stripe (>= 2.8, < 6)
    sucker_punch (3.0.1)
      concurrent-ruby (~> 1.0)
    thor (1.1.0)
    thread_safe (0.3.6)
    tilt (2.0.10)
    ttfunk (1.7.0)
    tzinfo (1.2.9)
      thread_safe (~> 0.1)
    uglifier (4.2.0)
      execjs (>= 0.3.0, < 3)
    unf (0.1.4)
      unf_ext
    unf_ext (0.0.8)
    warden (1.2.9)
      rack (>= 2.0.9)
    web-console (3.7.0)
      actionview (>= 5.0)
      activemodel (>= 5.0)
      bindex (>= 0.4.0)
      railties (>= 5.0)
    webpacker (5.4.3)
      activesupport (>= 5.2)
      rack-proxy (>= 0.6.1)
      railties (>= 5.2)
      semantic_range (>= 2.3.0)
    websocket-driver (0.7.5)
      websocket-extensions (>= 0.1.0)
    websocket-extensions (0.1.5)

PLATFORMS
  ruby

DEPENDENCIES
  activeadmin
  acts_as_votable (~> 0.12.0)
  autoprefixer-rails
  bookmark_system
  bootsnap
  carrierwave (~> 1.2)
  cloudinary (~> 1.9.1)
  custom_error_message!
  devise
  dotenv-rails
  figaro
  font-awesome-sass (~> 5.6.1)
  inline_svg
  invoice_printer
  jbuilder (~> 2.0)
  letter_opener
  listen (~> 3.0.5)
  money-rails
  omniauth-facebook
  pg (~> 0.21)
  pg_search
  pry-byebug
  pry-rails
  puma
  rails (= 5.2.0)
  redis
  sassc-rails
  simple_form
  social-share-button
  spring
  spring-watcher-listen (~> 2.0.0)
  stripe
  stripe_event
  sucker_punch
  uglifier
  web-console (>= 3.3.0)
  webpacker

RUBY VERSION
   ruby 2.6.8p205

BUNDLED WITH
   1.17.3
